GEM
  remote: https://rubygems.org/
  specs:
    chronic (0.10.2)
    colorize (0.8.1)
    terminal-table (1.6.0)

PLATFORMS
  ruby

DEPENDENCIES
  chronic (= 0.10.2)
  colorize (= 0.8.1)
  terminal-table (= 1.6.0)

BUNDLED WITH
   1.12.5
